{
   "Modality": "MR",
   "MagneticFieldStrength": 3,
   "ImagingFrequency": 127.757,
   "Manufacturer": "GE",
   "ManufacturersModelName": "DISCOVERY_MR750",
   "InstitutionName": "CAMH",
   "DeviceSerialNumber": "000000000000CAMH",
   "StationName": "MRMR",
   "PatientPosition": "HFS",
   "ProcedureStepDescription": "SPIN1MR",
   "SoftwareVersions": "24_LX_MR_Software_release:DV24.0_R01_1344.a",
   "MRAcquisitionType": "2D",
   "SeriesDescription": "AxEPI_EATask1",
   "ProtocolName": "AxEPI_EATask1",
   "ScanningSequence": "EP_RM",
   "SequenceVariant": "NONE",
   "ScanOptions": "MP_GEMS_EPI_GEMS_ACC_GEMS",
   "ImageType": [
      "ORIGINAL",
      "PRIMARY",
      "OTHER"
   ],
   "SeriesNumber": 10,
   "AcquisitionTime": "11:23:13.000000",
   "AcquisitionNumber": 1,
   "TriggerDelayTime": 553945,
   "SliceThickness": 4,
   "SpacingBetweenSlices": 4,
   "SAR": 0.284343,
   "EchoTime": 0.03,
   "RepetitionTime": 2,
   "FlipAngle": 77,
   "PhaseEncodingPolarityGE": "Flipped",
   "CoilString": "8HRBRAIN",
   "PercentPhaseFOV": 100,
   "AcquisitionMatrixPE": 64,
   "ReconMatrixPE": 64,
   "EffectiveEchoSpacing": 0.000424,
   "TotalReadoutTime": 0.026712,
   "PixelBandwidth": 7812.5,
   "PhaseEncodingDirection": "j",
   "SliceTiming": [
      0,
      1,
      0.056,
      1.056,
      0.111,
      1.111,
      0.167,
      1.167,
      0.222,
      1.222,
      0.278,
      1.278,
      0.333,
      1.333,
      0.389,
      1.389,
      0.445,
      1.445,
      0.5,
      1.5,
      0.556,
      1.556,
      0.611,
      1.611,
      0.667,
      1.667,
      0.722,
      1.722,
      0.778,
      1.778,
      0.833,
      1.833,
      0.889,
      1.889,
      0.945,
      1.945
   ],
   "ImageOrientationPatientDICOM": [
      1,
      0,
      0,
      0,
      1,
      0
   ],
   "InPlanePhaseEncodingDirectionDICOM": "COL",
   "ConversionSoftware": "dcm2niix",
   "ConversionSoftwareVersion": "v1.0.20190410  (JP2:OpenJPEG) (JP-LS:CharLS) GCC5.5.0"
}
